PATH
  remote: .
  specs:
    puppet-magnum (3.2.0)
      bundler (>= 1.13.6)
      colorize (>= 0.8.1)
      puppet (~> 4.9.4)
      puppet-lint (~> 2.1.1)
      puppetlabs_spec_helper (~> 2.1.0)
      redcarpet (>= 3.4.0)
      rspec (~> 3.5.0)
      rspec-puppet (~> 2.5.0)
      thor (>= 0.19.4)
      version (>= 1.0.0)

GEM
  remote: https://rubygems.org/
  specs:
    colorize (0.8.1)
    diff-lcs (1.3)
    facter (2.4.6)
    fast_gettext (1.1.0)
    gettext (3.2.2)
      locale (>= 2.0.5)
      text (>= 1.3.0)
    gettext-setup (0.18)
      fast_gettext (~> 1.1.0)
      gettext (>= 3.0.2)
      locale
    hiera (3.3.1)
    json_pure (1.8.6)
    locale (2.1.2)
    metaclass (0.0.4)
    mocha (1.2.1)
      metaclass (~> 0.0.1)
    puppet (4.9.4)
      facter (> 2.0, < 4)
      gettext-setup (>= 0.10, < 1)
      hiera (>= 2.0, < 4)
      json_pure (~> 1.8)
      locale (~> 2.1)
    puppet-lint (2.1.1)
    puppet-syntax (2.4.0)
      rake
    puppetlabs_spec_helper (2.1.0)
      mocha (~> 1.0)
      puppet-lint (~> 2.0)
      puppet-syntax (~> 2.0)
      rspec-puppet (~> 2.0)
    rake (12.0.0)
    redcarpet (3.4.0)
    rspec (3.5.0)
      rspec-core (~> 3.5.0)
      rspec-expectations (~> 3.5.0)
      rspec-mocks (~> 3.5.0)
    rspec-core (3.5.4)
      rspec-support (~> 3.5.0)
    rspec-expectations (3.5.0)
      diff-lcs (>= 1.2.0, < 2.0)
      rspec-support (~> 3.5.0)
    rspec-mocks (3.5.0)
      diff-lcs (>= 1.2.0, < 2.0)
      rspec-support (~> 3.5.0)
    rspec-puppet (2.5.0)
      rspec
    rspec-support (3.5.0)
    sem_ver (0.1.1)
    text (1.3.1)
    thor (0.19.4)
    version (1.0.0)

PLATFORMS
  ruby

DEPENDENCIES
  puppet-magnum!
  rake (>= 12.0.0)
  sem_ver (>= 0.1.1)

BUNDLED WITH
   1.14.6
