PATH
  remote: .
  specs:
    puppet-magnum (3.0.0)
      bundler (>= 1.11.2)
      colorize (>= 0.7.7)
      puppet (~> 4.4.1)
      puppet-lint (~> 1.1.0)
      puppetlabs_spec_helper (~> 1.1.1)
      redcarpet (>= 3.3.4)
      rspec (~> 3.1.0)
      rspec-puppet (~> 2.4.0)
      thor (>= 0.19.1)
      version (>= 1.0.0)

GEM
  remote: https://rubygems.org/
  specs:
    CFPropertyList (2.2.8)
    colorize (0.7.7)
    diff-lcs (1.2.5)
    facter (2.4.6)
      CFPropertyList (~> 2.2.6)
    hiera (3.1.1)
      json_pure
    json_pure (1.8.3)
    metaclass (0.0.4)
    mocha (1.1.0)
      metaclass (~> 0.0.1)
    puppet (4.4.1)
      CFPropertyList (~> 2.2.6)
      facter (> 2.0, < 4)
      hiera (>= 2.0, < 4)
      json_pure
    puppet-lint (1.1.0)
    puppet-syntax (2.1.0)
      rake
    puppetlabs_spec_helper (1.1.1)
      mocha
      puppet-lint
      puppet-syntax
      rake
      rspec-puppet
    rake (11.1.2)
    redcarpet (3.3.4)
    rspec (3.1.0)
      rspec-core (~> 3.1.0)
      rspec-expectations (~> 3.1.0)
      rspec-mocks (~> 3.1.0)
    rspec-core (3.1.7)
      rspec-support (~> 3.1.0)
    rspec-expectations (3.1.2)
      diff-lcs (>= 1.2.0, < 2.0)
      rspec-support (~> 3.1.0)
    rspec-mocks (3.1.3)
      rspec-support (~> 3.1.0)
    rspec-puppet (2.4.0)
      rspec
    rspec-support (3.1.2)
    sem_ver (0.1.1)
    thor (0.19.1)
    version (1.0.0)

PLATFORMS
  ruby

DEPENDENCIES
  puppet-magnum!
  rake (>= 10.5.0)
  sem_ver (>= 0.1.1)

BUNDLED WITH
   1.11.2
